PATH
  remote: .
  specs:
    cloudapp (1.0.2)
      addressable
      faraday (~> 0.8.0.rc2)
      gli
      highline
      leadlight (~> 0.0.5)
      typhoeus

GEM
  remote: http://rubygems.org/
  specs:
    addressable (2.2.6)
    crack (0.3.1)
    diff-lcs (1.1.3)
    fail-fast (1.0.0)
    fakefs (0.4.0)
    faraday (0.8.0.rc2)
      multipart-post (~> 1.1)
    fattr (2.2.1)
    gli (1.5.1)
    highline (1.6.11)
    hookr (1.1.1)
      fail-fast (= 1.0.0)
    hpricot (0.8.6)
    leadlight (0.0.5)
      addressable
      faraday
      fattr
      hookr
      link_header
      mime-types
      multi_json (~> 1.0.4)
    link_header (0.0.5)
    mime-types (1.17.2)
    multi_json (1.0.4)
    multipart-post (1.1.5)
    mustache (0.99.4)
    rake (0.9.2.2)
    rdiscount (1.6.8)
    ronn (0.7.3)
      hpricot (>= 0.8.2)
      mustache (>= 0.7.0)
      rdiscount (>= 1.5.8)
    rspec (2.8.0)
      rspec-core (~> 2.8.0)
      rspec-expectations (~> 2.8.0)
      rspec-mocks (~> 2.8.0)
    rspec-core (2.8.0)
    rspec-expectations (2.8.0)
      diff-lcs (~> 1.1.2)
    rspec-mocks (2.8.0)
    typhoeus (0.3.3)
      mime-types
    vcr (2.0.0.rc1)
    webmock (1.7.10)
      addressable (~> 2.2, > 2.2.5)
      crack (>= 0.1.7)

PLATFORMS
  ruby

DEPENDENCIES
  cloudapp!
  fakefs
  rake
  ronn
  rspec
  vcr (~> 2.0.0.rc1)
  webmock
